PATH
  remote: .
  specs:
    codic_parser (0.0.1)
      nokogiri (~> 1.5.10)
      thor

GEM
  remote: https://rubygems.org/
  specs:
    nokogiri (1.5.11)
    rake (10.2.2)
    thor (0.19.1)

PLATFORMS
  ruby

DEPENDENCIES
  bundler (~> 1.5)
  codic_parser!
  rake
