PATH
  remote: .
  specs:
    codic_parser (0.1.0)
      nokogiri (~> 1.5, >= 1.5.10)
      thor (~> 0)

GEM
  remote: https://rubygems.org/
  specs:
    mini_portile (0.5.3)
    nokogiri (1.6.1)
      mini_portile (~> 0.5.0)
    rake (0.9.6)
    thor (0.19.1)

PLATFORMS
  ruby

DEPENDENCIES
  bundler (~> 1.5)
  codic_parser!
  rake (~> 0)
